GEM
  remote: https://rubygems.org/
  specs:
    addressable (2.5.2)
      public_suffix (>= 2.0.2, < 4.0)
    ast (2.3.0)
    awesome_print (1.8.0)
    axiom-types (0.1.1)
      descendants_tracker (~> 0.0.4)
      ice_nine (~> 0.11.0)
      thread_safe (~> 0.3, >= 0.3.1)
    byebug (9.1.0)
    capybara (2.17.0)
      addressable
      mini_mime (>= 0.1.3)
      nokogiri (>= 1.3.3)
      rack (>= 1.0.0)
      rack-test (>= 0.5.4)
      xpath (>= 2.0, < 4.0)
    codeclimate-engine-rb (0.4.1)
      virtus (~> 1.0)
    coderay (1.1.2)
    coercible (1.0.0)
      descendants_tracker (~> 0.0.1)
    concurrent-ruby (1.0.5)
    descendants_tracker (0.0.4)
      thread_safe (~> 0.3, >= 0.3.1)
    dotenv (2.2.1)
    dry-configurable (0.7.0)
      concurrent-ruby (~> 1.0)
    dry-container (0.6.0)
      concurrent-ruby (~> 1.0)
      dry-configurable (~> 0.1, >= 0.1.3)
    dry-core (0.4.1)
      concurrent-ruby (~> 1.0)
    dry-equalizer (0.2.0)
    dry-initializer (1.4.1)
    dry-logic (0.4.2)
      dry-container (~> 0.2, >= 0.2.6)
      dry-core (~> 0.2)
      dry-equalizer (~> 0.2)
    dry-struct (0.3.1)
      dry-configurable (~> 0.1)
      dry-core (~> 0.3)
      dry-equalizer (~> 0.2)
      dry-types (~> 0.9, >= 0.9.0)
      ice_nine (~> 0.11)
    dry-types (0.11.1)
      concurrent-ruby (~> 1.0)
      dry-configurable (~> 0.1)
      dry-container (~> 0.3)
      dry-core (~> 0.2, >= 0.2.1)
      dry-equalizer (~> 0.2)
      dry-logic (~> 0.4, >= 0.4.0)
      inflecto (~> 0.0.0, >= 0.0.2)
    dry-validation (0.11.0)
      concurrent-ruby (~> 1.0)
      dry-configurable (~> 0.1, >= 0.1.3)
      dry-core (~> 0.2, >= 0.2.1)
      dry-equalizer (~> 0.2)
      dry-logic (~> 0.4, >= 0.4.0)
      dry-types (~> 0.11.0)
    equalizer (0.0.11)
    erubis (2.7.0)
    flay (2.10.0)
      erubis (~> 2.7.0)
      path_expander (~> 1.0)
      ruby_parser (~> 3.0)
      sexp_processor (~> 4.0)
    flog (4.6.1)
      path_expander (~> 1.0)
      ruby_parser (~> 3.1, > 3.1.0)
      sexp_processor (~> 4.8)
    hanami (1.1.0)
      bundler
      concurrent-ruby (~> 1.0)
      hanami-assets (~> 1.1)
      hanami-cli (~> 0.1)
      hanami-controller (~> 1.1)
      hanami-helpers (~> 1.1)
      hanami-mailer (~> 1.1)
      hanami-router (~> 1.1)
      hanami-utils (~> 1.1)
      hanami-validations (~> 1.1)
      hanami-view (~> 1.1)
    hanami-assets (1.1.0)
      hanami-helpers (~> 1.1)
      hanami-utils (~> 1.1)
      tilt (~> 2.0, >= 2.0.2)
    hanami-cli (0.1.0)
      concurrent-ruby (~> 1.0)
      hanami-utils (~> 1.1)
    hanami-controller (1.1.1)
      hanami-utils (~> 1.1)
      rack (~> 2.0)
    hanami-helpers (1.1.1)
      hanami-utils (~> 1.1)
    hanami-mailer (1.1.0)
      hanami-utils (~> 1.1)
      mail (~> 2.6)
      tilt (~> 2.0, >= 2.0.1)
    hanami-model (1.1.0)
      concurrent-ruby (~> 1.0)
      dry-types (~> 0.11.0)
      hanami-utils (~> 1.1)
      rom (~> 3.3, >= 3.3.3)
      rom-repository (~> 1.4)
      rom-sql (~> 1.3, >= 1.3.5)
    hanami-router (1.1.0)
      hanami-utils (~> 1.1)
      http_router (= 0.11.2)
      rack (~> 2.0)
    hanami-utils (1.1.1)
      concurrent-ruby (~> 1.0)
      transproc (~> 1.0)
    hanami-validations (1.1.0)
      dry-validation (~> 0.11)
      hanami-utils (~> 1.1)
    hanami-view (1.1.0)
      hanami-utils (~> 1.1)
      tilt (~> 2.0, >= 2.0.1)
    http_router (0.11.2)
      rack (>= 1.0.0)
      url_mount (~> 0.2.1)
    ice_nine (0.11.2)
    inflecto (0.0.2)
    mail (2.7.0)
      mini_mime (>= 0.1.1)
    method_source (0.9.0)
    mini_mime (1.0.0)
    mini_portile2 (2.3.0)
    minitest (5.11.1)
    nokogiri (1.8.1)
      mini_portile2 (~> 2.3.0)
    parallel (1.12.1)
    parser (2.4.0.2)
      ast (~> 2.3)
    path_expander (1.0.2)
    powerpack (0.1.1)
    pry (0.11.3)
      coderay (~> 1.1.0)
      method_source (~> 0.9.0)
    pry-byebug (3.5.1)
      byebug (~> 9.1)
      pry (~> 0.10)
    public_suffix (3.0.1)
    puma (3.11.2)
    rack (2.0.3)
    rack-test (0.8.2)
      rack (>= 1.0, < 3)
    rainbow (2.2.2)
      rake
    rake (12.3.0)
    reek (4.7.3)
      codeclimate-engine-rb (~> 0.4.0)
      parser (>= 2.4.0.0, < 2.5)
      rainbow (~> 2.0)
    rom (3.3.3)
      concurrent-ruby (~> 1.0)
      dry-core (~> 0.3)
      dry-equalizer (~> 0.2)
      dry-initializer (~> 1.3)
      dry-types (~> 0.9, >= 0.9.4)
      rom-mapper (~> 0.5, >= 0.5.1)
    rom-mapper (0.5.1)
      dry-core (~> 0.2, >= 0.2.3)
      dry-equalizer (~> 0.2)
      transproc (~> 1.0)
    rom-repository (1.4.0)
      dry-core (~> 0.3, >= 0.3.1)
      dry-struct (~> 0.3)
      rom (~> 3.3)
      rom-mapper (~> 0.5)
    rom-sql (1.3.5)
      dry-core (~> 0.3)
      dry-equalizer (~> 0.2)
      dry-types (~> 0.11.0)
      rom (~> 3.2, >= 3.2.2)
      sequel (~> 4.43)
    rubocop (0.52.1)
      parallel (~> 1.10)
      parser (>= 2.4.0.2, < 3.0)
      powerpack (~> 0.1)
      rainbow (>= 2.2.2, < 4.0)
      ruby-progressbar (~> 1.7)
      unicode-display_width (~> 1.0, >= 1.0.1)
    ruby-progressbar (1.9.0)
    ruby_parser (3.10.1)
      sexp_processor (~> 4.9)
    sequel (4.49.0)
    sexp_processor (4.10.0)
    shotgun (0.9.2)
      rack (>= 1.0)
    sqlite3 (1.3.13)
    thread_safe (0.3.6)
    tilt (2.0.8)
    transproc (1.0.2)
    unicode-display_width (1.3.0)
    url_mount (0.2.1)
      rack
    virtus (1.0.5)
      axiom-types (~> 0.1)
      coercible (~> 1.0)
      descendants_tracker (~> 0.0, >= 0.0.3)
      equalizer (~> 0.0, >= 0.0.9)
    xpath (3.0.0)
      nokogiri (~> 1.8)

PLATFORMS
  ruby

DEPENDENCIES
  awesome_print (= 1.8.0)
  capybara
  dotenv (~> 2.0)
  flay (= 2.10.0)
  flog (= 4.6.1)
  hanami (~> 1.1)
  hanami-model (~> 1.1)
  minitest
  pry-byebug (= 3.5.1)
  puma (= 3.11.2)
  rake
  reek (= 4.7.3)
  rubocop (= 0.52.1)
  shotgun
  sqlite3

BUNDLED WITH
   1.16.1
